PATH
  remote: .
  specs:
    xplenty-api (0.1.1)
      excon (~> 0.58)

GEM
  remote: http://rubygems.org/
  specs:
    excon (0.62.0)
    minitest (4.7.4)
    rake (10.0.4)

PLATFORMS
  ruby

DEPENDENCIES
  minitest
  rake
  xplenty-api!

BUNDLED WITH
   1.16.3
